GEM
  remote: https://rubygems.org/
  specs:
    mustermann (1.0.3)
    rack (2.2.6.4)
    rack-protection (2.0.4)
      rack
    sinatra (2.0.4)
      mustermann (~> 1.0)
      rack (~> 2.0)
      rack-protection (= 2.0.4)
      tilt (~> 2.0)
    sinatra-support (1.2.2)
      sinatra (>= 1.0)
    tilt (2.0.8)

PLATFORMS
  ruby
  x64-mingw32

DEPENDENCIES
  sinatra
  sinatra-support

BUNDLED WITH
   1.16.4
